GEM
  remote: https://rubygems.org/
  specs:
    CFPropertyList (2.3.0)

PLATFORMS
  ruby

DEPENDENCIES
  CFPropertyList
